GEM
  remote: https://rubygems.org/
  specs:
    coderay (1.1.0)
    method_source (0.8.2)
    minitest (5.9.0)
    minitest-rg (5.2.0)
      minitest (~> 5.0)
    pry (0.10.3)
      coderay (~> 1.1.0)
      method_source (~> 0.8.1)
      slop (~> 3.4)
    rake (12.3.3)
    ruby-sdl2 (0.3.0)
    slop (3.6.0)

PLATFORMS
  ruby

DEPENDENCIES
  minitest
  minitest-rg
  pry
  rake
  ruby-sdl2

BUNDLED WITH
   1.12.5
